GEM
  remote: https://rubygems.org/
  specs:
    json (1.8.3)
    midilib (2.0.5)
    mini_portile2 (2.4.0)
    nokogiri (1.10.4)
      mini_portile2 (~> 2.4.0)

PLATFORMS
  ruby

DEPENDENCIES
  json (>= 1.8.3)
  midilib
  nokogiri

BUNDLED WITH
   1.11.2
