GEM
  remote: https://rubygems.org/
  specs:
    json (1.8.3)
    midilib (2.0.5)
    mini_portile2 (2.0.0)
    nokogiri (1.6.7.2)
      mini_portile2 (~> 2.0.0.rc2)

PLATFORMS
  ruby

DEPENDENCIES
  json (>= 1.8.3)
  midilib
  nokogiri

BUNDLED WITH
   1.11.2
